GEM
  remote: https://rubygems.org/
  specs:
    albacore (2.6.2)
      map (~> 6.5)
      nokogiri (~> 1.5)
      rake (~> 10)
      semver2 (~> 3.4)
    map (6.6.0)
    mini_portile2 (2.8.0)
    nokogiri (1.13.9)
      mini_portile2 (~> 2.8.0)
      racc (~> 1.4)
    nokogiri (1.13.9-x86-mingw32)
      racc (~> 1.4)
    racc (1.6.0)
    rake (10.5.0)
    semver2 (3.4.2)

PLATFORMS
  ruby
  x86-mingw32

DEPENDENCIES
  albacore (~> 2.0)

BUNDLED WITH
   1.12.5
